GEM
  remote: http://rubygems.org/
  specs:
    coderay (1.1.1)
    google-maps (2.2.0)
      hashie (~> 2.0.5)
      httpclient (~> 2.7.1)
      json (>= 1.7.5)
      ruby-hmac (~> 0.4.0)
    hashie (2.0.5)
    httpclient (2.7.2)
    json (2.1.0)
    method_source (0.8.2)
    pry (0.10.4)
      coderay (~> 1.1.0)
      method_source (~> 0.8.1)
      slop (~> 3.4)
    pry-nav (0.2.4)
      pry (>= 0.9.10, < 0.11.0)
    ruby-hmac (0.4.0)
    slop (3.6.0)

PLATFORMS
  ruby

DEPENDENCIES
  google-maps
  pry
  pry-nav

BUNDLED WITH
   1.14.5
